PATH
  remote: .
  specs:
    gotham (0.0.1)
      colorize
      highline

GEM
  remote: http://rubygems.org/
  specs:
    alias (0.2.2)
    awesome_print (0.4.0)
    boson (0.3.4)
      alias (>= 0.2.2)
      hirb (>= 0.5.0)
    clipboard (0.9.9)
    coderay (0.9.8)
    colorize (0.5.8)
    diff-lcs (1.1.3)
    every_day_irb (1.0.6)
    fancy_irb (0.7.0)
      paint (>= 0.8.1)
      unicode-display_width (>= 0.1.1)
    ffi (1.0.9)
    g (1.4.0)
      ruby-growl (>= 1.0.1)
    guard (0.6.3)
      thor (~> 0.14.6)
    guard-bundler (0.1.3)
      bundler (>= 1.0.0)
      guard (>= 0.2.2)
    guard-rspec (0.4.5)
      guard (>= 0.4.0)
    guard-spork (0.2.1)
      guard (>= 0.2.2)
      spork (>= 0.8.4)
    highline (1.6.2)
    hirb (0.5.0)
    interactive_editor (0.0.10)
      spoon (>= 0.0.1)
    irbtools (1.0.6)
      awesome_print (~> 0.4.0)
      boson (>= 0.3.4)
      clipboard (>= 0.9.9)
      coderay (~> 0.9)
      every_day_irb (>= 1.0.6)
      fancy_irb (>= 0.7.0)
      g
      hirb (~> 0.5.0)
      interactive_editor (>= 0.0.8)
      methodfinder (>= 1.2.3)
      ori (~> 0.1.0)
      paint (>= 0.8.3)
      rvm_loader (>= 1.0.0)
      sketches
      wirb (>= 0.4.1)
      zucker (>= 11)
    libnotify (0.5.7)
    methodfinder (1.2.3)
    ori (0.1.0)
    paint (0.8.3)
    rake (13.0.3)
    rb-inotify (0.8.6)
      ffi (>= 0.5.0)
    rspec (2.6.0)
      rspec-core (~> 2.6.0)
      rspec-expectations (~> 2.6.0)
      rspec-mocks (~> 2.6.0)
    rspec-core (2.6.4)
    rspec-expectations (2.6.0)
      diff-lcs (~> 1.1.2)
    rspec-mocks (2.6.0)
    ruby-growl (3.0)
    rvm_loader (1.0.0)
    sketches (0.1.1)
    spoon (0.0.1)
    spork (0.8.5)
    thor (0.14.6)
    unicode-display_width (0.1.1)
    wirb (0.4.1)
    zucker (11)

PLATFORMS
  ruby

DEPENDENCIES
  gotham!
  guard
  guard-bundler
  guard-rspec
  guard-spork
  irbtools
  libnotify
  rake
  rb-inotify
  rspec
  spork
